GIT
  remote: git://github.com/dapi/truncate_html.git
  revision: 3892ff6f53dd141806d681c73a586800c3ff062b
  specs:
    truncate_html (0.4.0)

GIT
  remote: git://github.com/plataformatec/devise.git
  revision: e9c766277d6190f825163c3e29c1b14f8a153182
  specs:
    devise (1.4.2)
      bcrypt-ruby (~> 2.1.2)
      orm_adapter (~> 0.0.3)
      warden (~> 1.0.3)

GIT
  remote: https://github.com/kelvich/russian.git
  revision: 6b557b95a0aa38491ee351775d4337aac19b0dab
  specs:
    russian (0.2.7)

PATH
  remote: ~/code/gems/rake-remote_task
  specs:
    rake-remote_task (2.0.3)
      open4 (~> 0.9.0)
      rake (>= 0.8.0)

PATH
  remote: ~/code/gems/vlad-extras/
  specs:
    vlad-extras (0.1.0)

PATH
  remote: ~/code/gems/vlad-git/
  specs:
    vlad-git (2.2.0)
      vlad (>= 2.1.0)

PATH
  remote: ~/code/gems/vlad/
  specs:
    vlad (2.2.0.20110510)
      open4 (~> 0.9.0)
      rake (>= 0.8.0)
      rake-remote_task (~> 2.0)

GEM
  remote: http://rubygems.org/
  specs:
    Saikuro (1.1.0)
    abstract (1.0.0)
    actionmailer (3.0.9)
      actionpack (= 3.0.9)
      mail (~> 2.2.19)
    actionpack (3.0.9)
      activemodel (= 3.0.9)
      activesupport (= 3.0.9)
      builder (~> 2.1.2)
      erubis (~> 2.6.6)
      i18n (~> 0.5.0)
      rack (~> 1.2.1)
      rack-mount (~> 0.6.14)
      rack-test (~> 0.5.7)
      tzinfo (~> 0.3.23)
    activemodel (3.0.9)
      activesupport (= 3.0.9)
      builder (~> 2.1.2)
      i18n (~> 0.5.0)
    activerecord (3.0.9)
      activemodel (= 3.0.9)
      activesupport (= 3.0.9)
      arel (~> 2.0.10)
      tzinfo (~> 0.3.23)
    activeresource (3.0.9)
      activemodel (= 3.0.9)
      activesupport (= 3.0.9)
    activesupport (3.0.9)
    acts-as-taggable-on (2.0.6)
    acts_as_commentable_with_threading (1.1.1)
      activerecord (~> 3.0)
      activesupport (~> 3.0)
      moretea-awesome_nested_set
    annotate (2.4.0)
    archive-tar-minitar (0.5.2)
    arel (2.0.10)
    arrayfields (4.7.4)
    bcrypt-ruby (2.1.4)
    bson_ext (1.3.1)
    builder (2.1.2)
    carrierwave (0.5.5)
      activesupport (~> 3.0)
    chronic (0.3.0)
    chunky_png (1.2.0)
    churn (0.0.13)
      chronic (>= 0.2.3)
      hirb
      json_pure
      main
      ruby_parser (~> 2.0.4)
      sexp_processor (~> 3.0.3)
    colored (1.2)
    columnize (0.3.4)
    compass (0.11.5)
      chunky_png (~> 1.2)
      fssm (>= 0.2.7)
      sass (~> 3.1)
    curb (0.7.15)
    erubis (2.6.6)
      abstract (>= 1.0.0)
    fastercsv (1.5.4)
    fattr (2.2.0)
    feedzirra (0.0.24)
      activesupport (>= 2.3.8)
      builder (>= 2.1.2)
      curb (>= 0.2.3)
      loofah (>= 0.3.1)
      nokogiri (> 0.0.0)
      sax-machine (>= 0.0.12)
    flay (1.4.2)
      ruby_parser (~> 2.0)
      sexp_processor (~> 3.0)
    flog (2.5.1)
      ruby_parser (~> 2.0)
      sexp_processor (~> 3.0)
    formtastic (1.1.0)
      actionpack (>= 2.3.0)
      activesupport (>= 2.3.0)
      i18n (>= 0.4.0)
    fssm (0.2.7)
    grackle (0.1.10)
      json
      mime-types
      oauth
    haml (3.1.2)
    haml-rails (0.3.4)
      actionpack (~> 3.0)
      activesupport (~> 3.0)
      haml (~> 3.0)
      railties (~> 3.0)
    hirb (0.4.5)
    hpricot (0.8.4)
    i18n (0.5.0)
    img_gravatar (0.2.1)
    jquery-rails (1.0.12)
      railties (~> 3.0)
      thor (~> 0.14)
    json (1.5.3)
    json_pure (1.5.3)
    kgio (2.5.0)
    linecache19 (0.5.12)
      ruby_core_source (>= 0.1.4)
    loofah (1.0.0)
      nokogiri (>= 1.3.3)
    mail (2.2.19)
      activesupport (>= 2.3.6)
      i18n (>= 0.4.0)
      mime-types (~> 1.16)
      treetop (~> 1.4.8)
    main (4.6.0)
      arrayfields (>= 4.7.4)
      fattr (>= 2.1.0)
      map (>= 2.0.0)
    map (4.2.0)
    metric_fu (2.1.1)
      Saikuro (>= 1.1.0)
      activesupport (>= 2.0.0)
      chronic (~> 0.3.0)
      churn (>= 0.0.7)
      flay (>= 1.2.1)
      flog (>= 2.3.0)
      rails_best_practices (>= 0.6.4)
      rcov (>= 0.8.3.3)
      reek (>= 1.2.6)
      roodi (>= 2.1.0)
      syntax
    mime-types (1.16)
    mini_magick (3.3)
      subexec (~> 0.1.0)
    mocha (0.9.12)
    moretea-awesome_nested_set (1.4.3.1)
      activerecord (~> 3.0.0)
    nifty-generators (0.4.6)
    nokogiri (1.5.0)
    oauth (0.4.5)
    open4 (0.9.6)
    orm_adapter (0.0.5)
    pg (0.11.0)
    polyglot (0.3.1)
    rack (1.2.3)
    rack-bug (0.3.0)
      rack (>= 1.0)
    rack-mount (0.6.14)
      rack (>= 1.0.0)
    rack-test (0.5.7)
      rack (>= 1.0)
    rails (3.0.9)
      actionmailer (= 3.0.9)
      actionpack (= 3.0.9)
      activerecord (= 3.0.9)
      activeresource (= 3.0.9)
      activesupport (= 3.0.9)
      bundler (~> 1.0)
      railties (= 3.0.9)
    rails3-generators (0.17.4)
      railties (>= 3.0.0)
    rails_best_practices (0.10.0)
      activesupport
      colored
      erubis
      haml
      i18n
      ruby-progressbar
      ruby_parser
    railties (3.0.9)
      actionpack (= 3.0.9)
      activesupport (= 3.0.9)
      rake (>= 0.8.7)
      rdoc (~> 3.4)
      thor (~> 0.14.4)
    raindrops (0.7.0)
    rake (0.9.2)
    rcov (0.9.9)
    rdoc (3.8)
    reek (1.2.8)
      ruby2ruby (~> 1.2)
      ruby_parser (~> 2.0)
      sexp_processor (~> 3.0)
    render_inheritable (1.0.0)
      rails (~> 3.0)
    roodi (2.1.0)
      ruby_parser
    ruby-debug-base19 (0.11.25)
      columnize (>= 0.3.1)
      linecache19 (>= 0.5.11)
      ruby_core_source (>= 0.1.4)
    ruby-debug19 (0.11.6)
      columnize (>= 0.3.1)
      linecache19 (>= 0.5.11)
      ruby-debug-base19 (>= 0.11.19)
    ruby-progressbar (0.0.10)
    ruby2ruby (1.2.5)
      ruby_parser (~> 2.0)
      sexp_processor (~> 3.0)
    ruby_core_source (0.1.5)
      archive-tar-minitar (>= 0.5.2)
    ruby_parser (2.0.6)
      sexp_processor (~> 3.0)
    sass (3.1.4)
    sax-machine (0.0.16)
      nokogiri (> 0.0.0)
    sexp_processor (3.0.5)
    state_machine (1.0.1)
    stateful_link (0.0.9)
      rails (>= 3)
    subexec (0.1.0)
    syntax (1.0.0)
    thor (0.14.6)
    treetop (1.4.9)
      polyglot (>= 0.3.1)
    typus (3.0.10)
      bcrypt-ruby
      fastercsv (~> 1.5)
      render_inheritable
      will_paginate (~> 3.0.pre2)
    tzinfo (0.3.29)
    unicorn (4.0.1)
      kgio (~> 2.4)
      rack
      raindrops (~> 0.6)
    vlad-unicorn (2.0.0)
      vlad (~> 2.0)
    warden (1.0.4)
      rack (>= 1.0)
    will_paginate (3.0.pre2)
    wirble (0.1.3)

PLATFORMS
  ruby

DEPENDENCIES
  acts-as-taggable-on
  acts_as_commentable_with_threading
  annotate
  bson_ext
  carrierwave
  compass
  devise!
  feedzirra
  formtastic (~> 1.1.0)
  grackle
  haml
  haml-rails
  hpricot
  img_gravatar
  jquery-rails
  mail
  metric_fu
  mini_magick
  mocha
  nifty-generators
  pg
  rack-bug
  rails (~> 3.0.7)
  rails3-generators
  rake (>= 0.9)
  rake-remote_task!
  rcov
  ruby-debug19
  russian!
  state_machine
  stateful_link
  truncate_html!
  typus (~> 3.0.10)
  unicorn
  vlad!
  vlad-extras!
  vlad-git!
  vlad-unicorn
  will_paginate (~> 3.0.pre2)
  wirble
