GIT
  remote: git://github.com/BrandyMint/capistrano-recipes0.git
  revision: ff9d22ec16a1d7cc36fec75c8a236f734de567a7
  specs:
    capistrano-recipes0 (1.1.1)
      capistrano (>= 2.0.0)

GIT
  remote: git://github.com/plataformatec/devise.git
  revision: d448e7d841d578045d8d5bf2a1184119ce77a359
  specs:
    devise (1.5.0.dev)
      bcrypt-ruby (~> 3.0)
      orm_adapter (~> 0.0.3)
      warden (~> 1.0.3)

GIT
  remote: https://github.com/kelvich/russian.git
  revision: 6b557b95a0aa38491ee351775d4337aac19b0dab
  specs:
    russian (0.2.7)

GEM
  remote: http://rubygems.org/
  specs:
    abstract (1.0.0)
    actionmailer (3.0.10)
      actionpack (= 3.0.10)
      mail (~> 2.2.19)
    actionpack (3.0.10)
      activemodel (= 3.0.10)
      activesupport (= 3.0.10)
      builder (~> 2.1.2)
      erubis (~> 2.6.6)
      i18n (~> 0.5.0)
      rack (~> 1.2.1)
      rack-mount (~> 0.6.14)
      rack-test (~> 0.5.7)
      tzinfo (~> 0.3.23)
    activemodel (3.0.10)
      activesupport (= 3.0.10)
      builder (~> 2.1.2)
      i18n (~> 0.5.0)
    activerecord (3.0.10)
      activemodel (= 3.0.10)
      activesupport (= 3.0.10)
      arel (~> 2.0.10)
      tzinfo (~> 0.3.23)
    activeresource (3.0.10)
      activemodel (= 3.0.10)
      activesupport (= 3.0.10)
    activesupport (3.0.10)
    acts-as-taggable-on (2.1.1)
      rails
    acts_as_commentable_with_threading (1.1.1)
      activerecord (~> 3.0)
      activesupport (~> 3.0)
      moretea-awesome_nested_set
    airbrake (3.1.4)
      builder
      girl_friday
    annotate (2.4.0)
    arel (2.0.10)
    bcrypt-ruby (3.0.1)
    bson_ext (1.4.0)
    builder (2.1.2)
    capistrano (2.13.4)
      highline
      net-scp (>= 1.0.0)
      net-sftp (>= 2.0.0)
      net-ssh (>= 2.0.14)
      net-ssh-gateway (>= 1.1.0)
    carrierwave (0.5.7)
      activesupport (~> 3.0)
    chunky_png (1.2.5)
    compass (0.11.5)
      chunky_png (~> 1.2)
      fssm (>= 0.2.7)
      sass (~> 3.1)
    connection_pool (0.9.2)
    curb (0.7.16)
    erubis (2.6.6)
      abstract (>= 1.0.0)
    fastercsv (1.5.4)
    feedzirra (0.1.1)
      activesupport (>= 3.0.8)
      builder (~> 2.1.2)
      curb (~> 0.7.15)
      i18n (>= 0.5.0)
      loofah (~> 1.2.0)
      nokogiri (~> 1.4.4)
      rake (>= 0.9.2)
      rdoc (~> 3.8)
      sax-machine (~> 0.1.0)
    foreverb (0.2.6)
      thor (~> 0.14.6)
    formtastic (1.1.0)
      actionpack (>= 2.3.0)
      activesupport (>= 2.3.0)
      i18n (>= 0.4.0)
    fssm (0.2.7)
    girl_friday (0.10.0)
      connection_pool (~> 0.9.0)
    grackle (0.1.10)
      json
      mime-types
      oauth
    haml (3.1.3)
    haml-rails (0.3.4)
      actionpack (~> 3.0)
      activesupport (~> 3.0)
      haml (~> 3.0)
      railties (~> 3.0)
    highline (1.6.15)
    hpricot (0.8.4)
    i18n (0.5.0)
    img_gravatar (0.2.1)
    jquery-rails (1.0.16)
      railties (~> 3.0)
      thor (~> 0.14)
    jruby-pageant (1.1.1)
    json (1.6.1)
    kgio (2.6.0)
    loofah (1.2.0)
      nokogiri (>= 1.4.4)
    mail (2.2.19)
      activesupport (>= 2.3.6)
      i18n (>= 0.4.0)
      mime-types (~> 1.16)
      treetop (~> 1.4.8)
    metaclass (0.0.1)
    mime-types (1.17.2)
    mini_magick (3.3)
      subexec (~> 0.1.0)
    mocha (0.10.0)
      metaclass (~> 0.0.1)
    moretea-awesome_nested_set (1.4.3.1)
      activerecord (~> 3.0.0)
    net-scp (1.0.4)
      net-ssh (>= 1.99.1)
    net-sftp (2.0.5)
      net-ssh (>= 2.0.9)
    net-ssh (2.6.0)
      jruby-pageant (>= 1.1.1)
    net-ssh-gateway (1.1.0)
      net-ssh (>= 1.99.1)
    nokogiri (1.4.7)
    oauth (0.4.5)
    orm_adapter (0.0.5)
    pg (0.11.0)
    polyglot (0.3.3)
    rack (1.2.4)
    rack-mount (0.6.14)
      rack (>= 1.0.0)
    rack-test (0.5.7)
      rack (>= 1.0)
    rails (3.0.10)
      actionmailer (= 3.0.10)
      actionpack (= 3.0.10)
      activerecord (= 3.0.10)
      activeresource (= 3.0.10)
      activesupport (= 3.0.10)
      bundler (~> 1.0)
      railties (= 3.0.10)
    railties (3.0.10)
      actionpack (= 3.0.10)
      activesupport (= 3.0.10)
      rake (>= 0.8.7)
      rdoc (~> 3.4)
      thor (~> 0.14.4)
    raindrops (0.8.0)
    rake (0.9.2.2)
    rdoc (3.11)
      json (~> 1.4)
    render_inheritable (1.0.0)
      rails (~> 3.0)
    rvm (1.11.3.5)
    rvm-capistrano (1.2.7)
      capistrano (>= 2.0.0)
    sass (3.1.10)
    sax-machine (0.1.0)
      nokogiri (> 0.0.0)
    state_machine (1.0.3)
    stateful_link (0.0.9)
      rails (>= 3)
    subexec (0.1.0)
    thor (0.14.6)
    treetop (1.4.10)
      polyglot
      polyglot (>= 0.3.1)
    truncate_html (0.5.1)
    typus (3.0.12)
      bcrypt-ruby
      fastercsv (~> 1.5)
      rails (~> 3.0.9)
      render_inheritable
      will_paginate (~> 3.0.0)
    tzinfo (0.3.30)
    unicorn (4.1.1)
      kgio (~> 2.4)
      rack
      raindrops (~> 0.6)
    warden (1.0.6)
      rack (>= 1.0)
    will_paginate (3.0.2)
    wirble (0.1.3)

PLATFORMS
  ruby

DEPENDENCIES
  acts-as-taggable-on
  acts_as_commentable_with_threading
  airbrake
  annotate
  bson_ext
  capistrano
  capistrano-recipes0!
  carrierwave
  compass
  devise!
  feedzirra
  foreverb
  formtastic (~> 1.1.0)
  grackle
  haml
  haml-rails
  hpricot
  img_gravatar
  jquery-rails
  mail
  mini_magick
  mocha
  pg
  rails (~> 3.0.7)
  rake (>= 0.9)
  russian!
  rvm
  rvm-capistrano
  state_machine
  stateful_link
  truncate_html
  typus (~> 3.0.10)
  unicorn
  will_paginate (~> 3.0.pre2)
  wirble
