GIT
  remote: git://github.com/MVPSS/vlad.git
  revision: 7af621ae2f4ab301d74dbd7f8b6ab0cf170192f9
  branch: gemspec
  specs:
    vlad (2.2.3)
      rake (~> 0.8)
      rake-remote_task (~> 2.0)

GIT
  remote: git://github.com/dapi/vlad-git.git
  revision: 81493f27e4f333092d70c2fdd360fd6846149ced
  specs:
    vlad-git (2.2.0)
      vlad (>= 2.1.0)

GIT
  remote: git://github.com/dbloete/vlad-extras.git
  revision: 258ffe41e90d160de3bbe900cd50db9c36191452
  specs:
    vlad-extras (0.5.4)

GIT
  remote: git@github.com:dapi/vlad-unicorn.git
  revision: 7db2213e776d1217fed4cdf15f0f113827e84354
  specs:
    vlad-unicorn (2.1.1)
      vlad (~> 2.0)

GEM
  remote: http://rubygems.org/
  specs:
    open4 (1.2.0)
    rake (0.9.2.2)
    rake-remote_task (2.0.5)
      open4 (~> 1.0)
      rake (~> 0.8)

PLATFORMS
  ruby

DEPENDENCIES
  vlad (= 2.2.3)!
  vlad-extras!
  vlad-git!
  vlad-unicorn!
